PATH
  remote: .
  specs:
    blinky (0.0.12)
      chicanery (~> 0.1.0)
      libusb (~> 0.5.1)

GEM
  remote: https://rubygems.org/
  specs:
    chicanery (0.1.8)
      colorize (~> 0)
      nokogiri (~> 1)
    colorize (0.7.7)
    diff-lcs (1.1.3)
    ffi (1.9.10)
    libusb (0.5.1)
      ffi (>= 1.0)
    mini_portile2 (2.0.0)
    nokogiri (1.6.7.2)
      mini_portile2 (~> 2.0.0.rc2)
    rake (10.0.3)
    rspec (2.11.0)
      rspec-core (~> 2.11.0)
      rspec-expectations (~> 2.11.0)
      rspec-mocks (~> 2.11.0)
    rspec-core (2.11.1)
    rspec-expectations (2.11.3)
      diff-lcs (~> 1.1.3)
    rspec-mocks (2.11.3)

PLATFORMS
  ruby

DEPENDENCIES
  blinky!
  rake (~> 10.0.2)
  rspec (~> 2.11.0)
